GEM
  remote: https://rubygems.org/
  specs:
    coderay (1.1.1)
    httparty (0.14.0)
      multi_xml (>= 0.5.2)
    method_source (0.8.2)
    mini_portile2 (2.8.2)
    multi_xml (0.5.5)
    nokogiri (1.14.3)
      mini_portile2 (~> 2.8.0)
      racc (~> 1.4)
    nokogiri (1.14.3-x64-mingw32)
      racc (~> 1.4)
    pry (0.10.4)
      coderay (~> 1.1.0)
      method_source (~> 0.8.1)
      slop (~> 3.4)
    racc (1.7.0)
    slop (3.6.0)

PLATFORMS
  ruby
  x64-mingw32

DEPENDENCIES
  httparty
  nokogiri
  pry

BUNDLED WITH
   1.12.5
